PATH
  remote: .
  specs:
    pivotal_git_scripts (1.1.4)

GEM
  remote: http://rubygems.org/
  specs:
    diff-lcs (1.1.3)
    rake (0.9.2.2)
    rspec (2.8.0)
      rspec-core (~> 2.8.0)
      rspec-expectations (~> 2.8.0)
      rspec-mocks (~> 2.8.0)
    rspec-core (2.8.0)
    rspec-expectations (2.8.0)
      diff-lcs (~> 1.1.2)
    rspec-mocks (2.8.0)
    unindent (1.0)

PLATFORMS
  ruby

DEPENDENCIES
  bundler
  pivotal_git_scripts!
  rake
  rspec
  unindent
